PATH
  remote: .
  specs:
    bitcoin-secp256k1 (0.4.0)
      ffi (>= 1.9.10)

GEM
  remote: https://rubygems.org/
  specs:
    ffi (1.9.10)
    minitest (5.8.3)
    rake (10.5.0)
    yard (0.8.7.6)

PLATFORMS
  ruby

DEPENDENCIES
  bitcoin-secp256k1!
  minitest (= 5.8.3)
  rake (~> 10.5)
  yard (= 0.8.7.6)

BUNDLED WITH
   1.11.2
